GEM
  remote: https://rubygems.org/
  specs:
    addressable (2.3.6)
    async-rack (0.5.1)
      rack (~> 1.1)
    chunky_png (1.3.1)
    coffee-script (2.3.0)
      coffee-script-source
      execjs
    coffee-script-source (1.8.0)
    compass (1.0.1)
      chunky_png (~> 1.2)
      compass-core (~> 1.0.1)
      compass-import-once (~> 1.0.5)
      rb-fsevent (>= 0.9.3)
      rb-inotify (>= 0.9)
      sass (>= 3.3.13, < 3.5)
    compass-core (1.0.1)
      multi_json (~> 1.0)
      sass (>= 3.3.0, < 3.5)
    compass-import-once (1.0.5)
      sass (>= 3.2, < 3.5)
    em-synchrony (1.0.3)
      eventmachine (>= 1.0.0.beta.1)
    em-websocket (0.3.8)
      addressable (>= 2.1.1)
      eventmachine (>= 0.12.9)
      eventmachine (>= 0.12.9)
      eventmachine (>= 0.12.9)
      eventmachine (>= 0.12.9)
      eventmachine (>= 0.12.9)
      eventmachine (>= 0.12.9)
      eventmachine (>= 0.12.9)
      eventmachine (>= 0.12.9)
      eventmachine (>= 0.12.9)
      eventmachine (>= 0.12.9)
      eventmachine (>= 0.12.9)
      eventmachine (>= 0.12.9)
      eventmachine (>= 0.12.9)
      eventmachine (>= 0.12.9)
      eventmachine (>= 0.12.9)
      eventmachine (>= 0.12.9)
      eventmachine (>= 0.12.9)
      eventmachine (>= 0.12.9)
      eventmachine (>= 0.12.9)
      eventmachine (>= 0.12.9)
      eventmachine (>= 0.12.9)
      eventmachine (>= 0.12.9)
      eventmachine (>= 0.12.9)
      eventmachine (>= 0.12.9)
      eventmachine (>= 0.12.9)
      eventmachine (>= 0.12.9)
      eventmachine (>= 0.12.9)
      eventmachine (>= 0.12.9)
      eventmachine (>= 0.12.9)
      eventmachine (>= 0.12.9)
      eventmachine (>= 0.12.9)
      eventmachine (>= 0.12.9)
      eventmachine (>= 0.12.9)
      eventmachine (>= 0.12.9)
      eventmachine (>= 0.12.9)
      eventmachine (>= 0.12.9)
      eventmachine (>= 0.12.9)
      eventmachine (>= 0.12.9)
      eventmachine (>= 0.12.9)
      eventmachine (>= 0.12.9)
      eventmachine (>= 0.12.9)
      eventmachine (>= 0.12.9)
      eventmachine (>= 0.12.9)
      eventmachine (>= 0.12.9)
      eventmachine (>= 0.12.9)
      eventmachine (>= 0.12.9)
      eventmachine (>= 0.12.9)
      eventmachine (>= 0.12.9)
      eventmachine (>= 0.12.9)
      eventmachine (>= 0.12.9)
      eventmachine (>= 0.12.9)
      eventmachine (>= 0.12.9)
      eventmachine (>= 0.12.9)
      eventmachine (>= 0.12.9)
      eventmachine (>= 0.12.9)
      eventmachine (>= 0.12.9)
      eventmachine (>= 0.12.9)
      eventmachine (>= 0.12.9)
      eventmachine (>= 0.12.9)
      eventmachine (>= 0.12.9)
      eventmachine (>= 0.12.9)
      eventmachine (>= 0.12.9)
      eventmachine (>= 0.12.9)
      eventmachine (>= 0.12.9)
      eventmachine (>= 0.12.9)
      eventmachine (>= 0.12.9)
      eventmachine (>= 0.12.9)
      eventmachine (>= 0.12.9)
      eventmachine (>= 0.12.9)
      eventmachine (>= 0.12.9)
      eventmachine (>= 0.12.9)
      eventmachine (>= 0.12.9)
      eventmachine (>= 0.12.9)
      eventmachine (>= 0.12.9)
      eventmachine (>= 0.12.9)
      eventmachine (>= 0.12.9)
      eventmachine (>= 0.12.9)
      eventmachine (>= 0.12.9)
      eventmachine (>= 0.12.9)
      eventmachine (>= 0.12.9)
      eventmachine (>= 0.12.9)
      eventmachine (>= 0.12.9)
      eventmachine (>= 0.12.9)
    eventmachine (1.0.3)
    execjs (2.2.1)
    ffi (1.9.5)
    goliath (1.0.4)
      async-rack
      em-synchrony (>= 1.0.0)
      em-websocket (= 0.3.8)
      eventmachine (>= 1.0.0.beta.4)
      http_parser.rb (= 0.6.0)
      log4r
      multi_json
      rack (>= 1.2.2)
      rack-contrib
      rack-respond_to
    haml (4.0.5)
      tilt
    hike (1.2.3)
    http_parser.rb (0.6.0)
    log4r (1.1.10)
    mime-types (2.4.1)
    multi_json (1.10.1)
    rack (1.5.2)
    rack-accept-media-types (0.9)
    rack-contrib (1.1.0)
      rack (>= 0.9.1)
    rack-respond_to (0.9.8)
      rack-accept-media-types (>= 0.6)
    rb-fsevent (0.9.4)
    rb-inotify (0.9.5)
      ffi (>= 0.5.0)
    sass (3.4.5)
    sprockets (2.12.2)
      hike (~> 1.2)
      multi_json (~> 1.0)
      rack (~> 1.0)
      tilt (~> 1.1, != 1.3.0)
    sprockets-sass (1.2.0)
      sprockets (~> 2.0)
      tilt (~> 1.1)
    suite (0.1.4.6)
      coffee-script
      compass
      goliath
      haml
      mime-types
      sprockets
      sprockets-sass
      thor
      yui-compressor
    thor (0.19.1)
    tilt (1.4.1)
    yui-compressor (0.12.0)

PLATFORMS
  ruby

DEPENDENCIES
  suite
